PATH
  remote: .
  specs:
    buergel (0.1.2)
      crack
      gyoku
      iso_country_codes
      typhoeus

GEM
  remote: https://rubygems.org/
  specs:
    builder (3.2.0)
    crack (0.3.2)
    ethon (0.5.11)
      ffi (>= 1.3.0)
      mime-types (~> 1.18)
    ffi (1.7.0)
    gyoku (1.0.0)
      builder (>= 2.1.2)
    iso_country_codes (0.4.1)
    mime-types (1.23)
    rake (10.0.4)
    typhoeus (0.6.3)
      ethon (~> 0.5.11)
    vcr (2.4.0)

PLATFORMS
  ruby

DEPENDENCIES
  buergel!
  bundler (~> 1.3)
  crack
  gyoku
  iso_country_codes
  rake
  typhoeus
  vcr
